PATH
  remote: .
  specs:
    halunke (0.8.0)
      rack (~> 2.0.4)

GEM
  remote: https://rubygems.org/
  specs:
    minitest (5.11.3)
    racc (1.4.15)
    rack (2.0.6)
    rake (12.3.2)
    warning (0.10.1)

PLATFORMS
  ruby

DEPENDENCIES
  bundler (~> 1.17.2)
  halunke!
  minitest (~> 5.11.3)
  racc (~> 1.4.15)
  rake (~> 12.3.2)
  warning (~> 0.10.1)

BUNDLED WITH
   1.17.2
